GEM
  remote: https://rubygems.org/
  specs:
    ruby_motion_query (0.5.8)

PLATFORMS
  ruby

DEPENDENCIES
  ruby_motion_query
