GEM
  remote: https://rubygems.org/
  specs:
    rake (10.3.2)
    ruby_motion_query (0.6.1)

PLATFORMS
  ruby

DEPENDENCIES
  rake
  ruby_motion_query
